GIT
  remote: git://github.com/trisweb/bootstrap-sass.git
  revision: 2be2d7d13074d16ea6ca0856cc298dcc6146c449
  specs:
    bootstrap-sass (2.3.1.0)
      sass (~> 3.2)

GEM
  remote: https://rubygems.org/
  specs:
    chunky_png (1.2.7)
    coffee-script (2.2.0)
      coffee-script-source
      execjs
    coffee-script-source (1.6.2)
    compass (0.12.2)
      chunky_png (~> 1.2)
      fssm (>= 0.2.7)
      sass (~> 3.1)
    execjs (1.4.0)
      multi_json (~> 1.0)
    fssm (0.2.10)
    handlebars_assets (0.12.0)
      execjs (>= 1.2.9)
      sprockets (>= 2.0.3)
      tilt
    hike (1.2.1)
    multi_json (1.7.1)
    rack (1.5.2)
    sass (3.2.7)
    sprockets (2.9.0)
      hike (~> 1.2)
      multi_json (~> 1.0)
      rack (~> 1.0)
      tilt (~> 1.1, != 1.3.0)
    sprockets-sass (0.9.1)
      sprockets (~> 2.0)
      tilt (~> 1.1)
    tilt (1.3.6)

PLATFORMS
  ruby

DEPENDENCIES
  bootstrap-sass!
  coffee-script
  compass
  handlebars_assets
  sass
  sprockets
  sprockets-sass
